GEM
  remote: http://rubygems.org/
  specs:
    hoe (2.12.2)
      rake (~> 0.8)
    rake (0.9.2)
    rcov (0.9.10)
    systemu (2.3.0)

PLATFORMS
  ruby

DEPENDENCIES
  hoe (~> 2.12.2)
  rcov (~> 0.9)
  systemu (~> 2.3)
