GEM
  remote: http://rubygems.org/
  specs:
    hoe (2.12.4)
      rake (~> 0.8)
    rake (0.9.2.2)
    rcov (0.9.11)
    systemu (2.4.1)

PLATFORMS
  ruby

DEPENDENCIES
  hoe (~> 2.12.2)
  rcov (~> 0.9)
  systemu (~> 2.3)
