GEM
  remote: http://rubygems.org/
  specs:
    activemodel (3.2.9)
      activesupport (= 3.2.9)
      builder (~> 3.0.0)
    activerecord (3.2.9)
      activemodel (= 3.2.9)
      activesupport (= 3.2.9)
      arel (~> 3.0.2)
      tzinfo (~> 0.3.29)
    activesupport (3.2.9)
      i18n (~> 0.6)
      multi_json (~> 1.0)
    arel (3.0.2)
    builder (3.0.4)
    highline (1.6.15)
    hoe (3.3.1)
      rake (>= 0.8, < 11.0)
    i18n (0.6.1)
    json (1.7.5)
    mailfactory (1.4.0)
      mime-types (>= 1.13.1)
    metaclass (0.0.1)
    mime-types (1.19)
    mocha (0.13.0)
      metaclass (~> 0.0.1)
    multi_json (1.3.7)
    patir (0.8.1)
      systemu (~> 2.5)
    rake (10.0.2)
    rdoc (3.12)
      json (~> 1.4)
    sqlite3 (1.3.6)
    systemu (2.5.2)
    tzinfo (0.3.35)

PLATFORMS
  ruby

DEPENDENCIES
  activerecord (~> 3.2.9)
  highline (~> 1.6.15)
  hoe (~> 3.1)
  mailfactory (~> 1.4.0)
  mocha (~> 0.13.0)
  patir (~> 0.8.0)
  rdoc (~> 3.12)
  sqlite3 (~> 1.3.6)
