GEM
  remote: http://rubygems.org/
  specs:
    activemodel (3.0.11)
      activesupport (= 3.0.11)
      builder (~> 2.1.2)
      i18n (~> 0.5.0)
    activerecord (3.0.11)
      activemodel (= 3.0.11)
      activesupport (= 3.0.11)
      arel (~> 2.0.10)
      tzinfo (~> 0.3.23)
    activesupport (3.0.11)
    arel (2.0.10)
    builder (2.1.2)
    couchrest (1.1.2)
      mime-types (~> 1.15)
      multi_json (~> 1.0.0)
      rest-client (~> 1.6.1)
    couchrest_model (1.1.2)
      activemodel (~> 3.0)
      couchrest (~> 1.1.2)
      mime-types (~> 1.15)
      tzinfo (~> 0.3.22)
    highline (1.6.8)
    hoe (2.12.4)
      rake (~> 0.8)
    i18n (0.5.0)
    json (1.6.2)
    mailfactory (1.4.0)
      mime-types (>= 1.13.1)
    mime-types (1.17.2)
    mocha (0.9.12)
    multi_json (1.0.4)
    patir (0.7.2)
      systemu (~> 2.3)
    rake (0.9.2.2)
    rcov (0.9.11)
    rdoc (3.11)
      json (~> 1.4)
    rest-client (1.6.7)
      mime-types (>= 1.16)
    sqlite3 (1.3.4)
    systemu (2.4.1)
    tzinfo (0.3.31)

PLATFORMS
  ruby

DEPENDENCIES
  activerecord (~> 3.0.9)
  couchrest_model (~> 1.1.2)
  highline (~> 1.6.2)
  hoe (~> 2.12.2)
  mailfactory (~> 1.4.0)
  mocha (~> 0.9.12)
  patir (~> 0.7.0)
  rcov (~> 0.9)
  rdoc (~> 3.11)
  sqlite3 (~> 1.3.4)
