GEM
  remote: http://rubygems.org/
  specs:
    activemodel (3.0.11)
      activesupport (= 3.0.11)
      builder (~> 2.1.2)
      i18n (~> 0.5.0)
    activerecord (3.0.11)
      activemodel (= 3.0.11)
      activesupport (= 3.0.11)
      arel (~> 2.0.10)
      tzinfo (~> 0.3.23)
    activesupport (3.0.11)
    acts_as_reportable (1.1.1)
      ruport (>= 1.6.0)
    arel (2.0.10)
    builder (2.1.2)
    color (1.4.1)
    fastercsv (1.5.4)
    highline (1.6.8)
    hoe (2.12.4)
      rake (~> 0.8)
    i18n (0.5.0)
    json (1.6.2)
    mailfactory (1.4.0)
      mime-types (>= 1.13.1)
    mime-types (1.17.2)
    mocha (0.9.12)
    patir (0.7.2)
      systemu (~> 2.3)
    pdf-writer (1.1.8)
      color (>= 1.4.0)
      transaction-simple (~> 1.3)
    rack (1.3.5)
    rack-protection (1.1.4)
      rack
    rake (0.9.2.2)
    rdoc (3.11)
      json (~> 1.4)
    ruport (1.6.3)
      fastercsv
      pdf-writer (= 1.1.8)
    rutema (1.2.4)
      activerecord (~> 3.0.9)
      highline (~> 1.6.2)
      mailfactory (~> 1.4.0)
      mocha (~> 0.9.12)
      patir (~> 0.7.2)
      sqlite3 (~> 1.3.4)
    sinatra (1.3.1)
      rack (~> 1.3, >= 1.3.4)
      rack-protection (~> 1.1, >= 1.1.2)
      tilt (~> 1.3, >= 1.3.3)
    sqlite3 (1.3.4)
    systemu (2.4.1)
    tilt (1.3.3)
    transaction-simple (1.4.0)
      hoe (>= 1.1.7)
    tzinfo (0.3.31)

PLATFORMS
  ruby

DEPENDENCIES
  acts_as_reportable (~> 1.1.1)
  hoe (~> 2.12.2)
  rdoc (~> 3.11)
  ruport (~> 1.6.3)
  rutema (~> 1.2.4)
  sinatra (~> 1.3.1)
  sqlite3 (~> 1.3.4)
