GEM
  remote: http://rubygems.org/
  specs:
    activemodel (3.0.10)
      activesupport (= 3.0.10)
      builder (~> 2.1.2)
      i18n (~> 0.5.0)
    activerecord (3.0.10)
      activemodel (= 3.0.10)
      activesupport (= 3.0.10)
      arel (~> 2.0.10)
      tzinfo (~> 0.3.23)
    activesupport (3.0.10)
    acts_as_reportable (1.1.1)
      ruport (>= 1.6.0)
    arel (2.0.10)
    builder (2.1.2)
    color (1.4.1)
    couchrest (1.1.2)
      mime-types (~> 1.15)
      multi_json (~> 1.0.0)
      rest-client (~> 1.6.1)
    couchrest_model (1.1.2)
      activemodel (~> 3.0)
      couchrest (~> 1.1.2)
      mime-types (~> 1.15)
      tzinfo (~> 0.3.22)
    fastercsv (1.5.4)
    highline (1.6.2)
    hoe (2.12.2)
      rake (~> 0.8)
    i18n (0.5.0)
    mailfactory (1.4.0)
      mime-types (>= 1.13.1)
    mime-types (1.16)
    mocha (0.9.12)
    multi_json (1.0.3)
    patir (0.7.0)
      systemu (~> 2.2.0)
    pdf-writer (1.1.8)
      color (>= 1.4.0)
      transaction-simple (~> 1.3)
    rake (0.9.2)
    rcov (0.9.10)
    rest-client (1.6.7)
      mime-types (>= 1.16)
    ruport (1.6.3)
      fastercsv
      pdf-writer (= 1.1.8)
    sqlite3 (1.3.4)
    systemu (2.2.0)
    transaction-simple (1.4.0)
      hoe (>= 1.1.7)
    tzinfo (0.3.29)

PLATFORMS
  ruby

DEPENDENCIES
  activerecord (~> 3.0.9)
  acts_as_reportable (~> 1.1.1)
  couchrest_model (~> 1.1.2)
  highline (~> 1.6.2)
  hoe (~> 2.12.2)
  mailfactory (~> 1.4.0)
  mocha (~> 0.9.12)
  patir (~> 0.7.0)
  rcov (~> 0.9)
  ruport (~> 1.6.3)
  sqlite3 (~> 1.3.4)
